GEM
  remote: https://rubygems.org/
  specs:
    faraday (0.8.8)
      multipart-post (~> 1.2.0)
    faraday_middleware (0.9.0)
      faraday (>= 0.7.4, < 0.9)
    haml (4.0.3)
      tilt
    multi_json (1.8.2)
    multipart-post (1.2.0)
    rack (1.5.2)
    rack-protection (1.5.1)
      rack
    sass (3.2.12)
    shotgun (0.9)
      rack (>= 1.0)
    sinatra (1.4.4)
      rack (~> 1.4)
      rack-protection (~> 1.4)
      tilt (~> 1.3, >= 1.3.4)
    tilt (1.4.1)
    windy (0.1.2)
      faraday_middleware (~> 0.8)
      multi_json (~> 1.0)

PLATFORMS
  ruby

DEPENDENCIES
  haml (= 4.0.3)
  sass (= 3.2.12)
  shotgun (= 0.9.0)
  sinatra (= 1.4.4)
  windy (= 0.1.2)
